GEM
  remote: https://rubygems.org/
  specs:
    nio4r (2.5.2)
    puma (4.3.1)
      nio4r (~> 2.0)
    rack (2.0.7)

PLATFORMS
  ruby

DEPENDENCIES
  puma (~> 4.3)
  rack (~> 2.0, >= 2.0.7)

RUBY VERSION
   ruby 2.6.3p62

BUNDLED WITH
   2.0.1
