GEM
  remote: https://rubygems.org/
  specs:
    nio4r (2.4.0)
    puma (4.0.1)
      nio4r (~> 2.0)
    rack (2.0.7)

PLATFORMS
  ruby

DEPENDENCIES
  puma (~> 4.0, >= 4.0.1)
  rack (~> 2.0, >= 2.0.7)

RUBY VERSION
   ruby 2.6.3p62

BUNDLED WITH
   2.0.1
